GIT
  remote: git://github.com/hone/ruby-git.git
  revision: 264836fcff3c037d8d8fc44bd770b150b46fdc4e
  branch: master
  specs:
    git (1.2.6)

GEM
  remote: https://rubygems.org/
  specs:
    diff-lcs (1.3)
    erubis (2.7.0)
    excon (0.57.0)
    heroics (0.1.1)
      erubis (~> 2.0)
      excon
      moneta
      multi_json (>= 1.9.2)
    heroku_hatchet (7.1.1)
      excon (~> 0)
      platform-api (~> 3)
      rrrretry (~> 1)
      thor (~> 0)
      threaded (~> 0)
    json (2.0.4)
    moneta (1.0.0)
    multi_json (1.15.0)
    netrc (0.11.0)
    parallel (1.11.2)
    parallel_tests (2.14.1)
      parallel
    platform-api (3.0.0)
      heroics (~> 0.1.1)
      moneta (~> 1.0.0)
      rate_throttle_client (~> 0.1.0)
    rake (12.0.0)
    rate_throttle_client (0.1.2)
    rrrretry (1.0.0)
    rspec-core (3.6.0)
      rspec-support (~> 3.6.0)
    rspec-expectations (3.6.0)
      diff-lcs (>= 1.2.0, < 2.0)
      rspec-support (~> 3.6.0)
    rspec-retry (0.5.4)
      rspec-core (> 3.3, < 3.7)
    rspec-support (3.6.0)
    thor (0.20.3)
    threaded (0.0.4)

PLATFORMS
  ruby

DEPENDENCIES
  excon
  git!
  heroku_hatchet (~> 7.1.1)
  json (~> 2.0.2)
  netrc
  parallel_tests
  rake
  rspec-core
  rspec-expectations
  rspec-retry

BUNDLED WITH
   1.15.1
